GEM
  remote: https://rubygems.org/
  specs:
    dotenv (0.7.0)
    foreman (0.63.0)
      dotenv (>= 0.7)
      thor (>= 0.13.6)
    json (1.8.1)
    rake (10.0.4)
    thor (0.18.1)

PLATFORMS
  ruby

DEPENDENCIES
  foreman (= 0.63.0)
  json (~> 1.8.1)
  rake (~> 10.0.4)
